GEM
  remote: https://rubygems.org/
  specs:
    args_parser (0.2.0)
    ocra (1.3.1)

PLATFORMS
  ruby
  x86-mingw32

DEPENDENCIES
  args_parser
  ocra
